PATH
  remote: .
  specs:
    cramp (0.15.1)
      activesupport (~> 3.2.8)
      eventmachine (~> 1.0.0.beta.3)
      faye-websocket (~> 0.3.0)
      rack (~> 1.3.2)
      thor (~> 0.14.6)

GEM
  remote: http://rubygems.org/
  specs:
    activemodel (3.2.8)
      activesupport (= 3.2.8)
      builder (~> 3.0.0)
    activerecord (3.2.8)
      activemodel (= 3.2.8)
      activesupport (= 3.2.8)
      arel (~> 3.0.2)
      tzinfo (~> 0.3.29)
    activesupport (3.2.8)
      i18n (~> 0.6)
      multi_json (~> 1.0)
    addressable (2.2.6)
    ansi (1.3.0)
    arel (3.0.2)
    async-rack (0.5.1)
      rack (~> 1.1)
    async_sinatra (0.5.0)
      rack (>= 1.2.1)
      sinatra (>= 1.0)
    builder (3.0.4)
    daemons (1.1.4)
    em-http-request (0.3.0)
      addressable (>= 2.0.0)
      escape_utils
      eventmachine (>= 0.12.9)
    em-synchrony (0.2.0)
      eventmachine (>= 0.12.9)
    erubis (2.7.0)
    escape_utils (0.2.3)
    eventmachine (1.0.0.beta.3)
    faye-websocket (0.3.0)
      eventmachine (>= 0.12.0)
    http_router (0.10.0)
      rack (>= 1.0.0)
      url_mount (~> 0.2.1)
    i18n (0.6.1)
    kgio (2.6.0)
    multi_json (1.3.7)
    rack (1.3.2)
    rainbows (4.2.0)
      kgio (~> 2.5)
      rack (~> 1.1)
      unicorn (~> 4.0)
    raindrops (0.7.0)
    sinatra (1.2.6)
      rack (~> 1.1)
      tilt (>= 1.2.2, < 2.0)
    thin (1.2.11)
      daemons (>= 1.0.9)
      eventmachine (>= 0.12.6)
      rack (>= 1.0.0)
    thor (0.14.6)
    tilt (1.3.2)
    turn (0.8.2)
      ansi (>= 1.2.2)
    tzinfo (0.3.35)
    unicorn (4.0.1)
      kgio (~> 2.4)
      rack
      raindrops (~> 0.6)
    url_mount (0.2.1)
      rack
    yajl-ruby (0.8.2)

PLATFORMS
  ruby

DEPENDENCIES
  activerecord (~> 3.2.8)
  async-rack
  async_sinatra
  cramp!
  em-http-request
  em-synchrony
  erubis
  http_router
  rainbows
  thin (~> 1.2.11)
  turn
  yajl-ruby
